PATH
  remote: hola-leadel
  specs:
    hola-leadel (0.0.0)

GEM
  remote: https://rubygems.org/
  specs:

PLATFORMS
  ruby

DEPENDENCIES
  hola-leadel!

BUNDLED WITH
   1.13.6
