PATH
  remote: /home/leadel/Schreibtisch/GemTutorial/example_gem/hola-translate
  specs:
    holatranslate (0.0.1)

GEM
  remote: https://rubygems.org/
  specs:

PLATFORMS
  ruby

DEPENDENCIES
  holatranslate!

BUNDLED WITH
   1.13.6
